PATH
  remote: .
  specs:
    spinach (0.5.2)
      colorize
      gherkin-ruby (~> 0.2.0)

GEM
  remote: http://rubygems.org/
  specs:
    addressable (2.2.8)
    ansi (1.4.2)
    capybara (1.1.2)
      mime-types (>= 1.16)
      nokogiri (>= 1.3.3)
      rack (>= 1.0.0)
      rack-test (>= 0.5.4)
      selenium-webdriver (~> 2.0)
      xpath (~> 0.1.4)
    childprocess (0.3.2)
      ffi (~> 1.0.6)
    coderay (1.0.6)
    colorize (0.5.8)
    diff-lcs (1.1.3)
    ffi (1.0.11)
    gherkin-ruby (0.2.1)
    growl (1.0.3)
    guard (1.0.2)
      ffi (>= 0.5.0)
      thor (~> 0.14.6)
    guard-minitest (0.5.0)
      guard (>= 0.4)
    guard-spinach (0.0.1.1)
      guard
      spinach
    libwebsocket (0.1.3)
      addressable
    metaclass (0.0.1)
    method_source (0.7.1)
    mime-types (1.18)
    minitest (4.1.0)
    mocha (0.12.7)
      metaclass (~> 0.0.1)
    multi_json (1.3.4)
    nokogiri (1.5.2)
    pry (0.9.9.4)
      coderay (~> 1.0.5)
      method_source (~> 0.7.1)
      slop (>= 2.4.4, < 3)
    rack (1.4.1)
    rack-protection (1.2.0)
      rack
    rack-test (0.6.1)
      rack (>= 1.0)
    rake (0.9.2.2)
    rb-fsevent (0.9.1)
    rspec (2.10.0)
      rspec-core (~> 2.10.0)
      rspec-expectations (~> 2.10.0)
      rspec-mocks (~> 2.10.0)
    rspec-core (2.10.0)
    rspec-expectations (2.10.0)
      diff-lcs (~> 1.1.3)
    rspec-mocks (2.10.1)
    rubyzip (0.9.8)
    selenium-webdriver (2.21.2)
      childprocess (>= 0.2.5)
      ffi (~> 1.0)
      libwebsocket (~> 0.1.3)
      multi_json (~> 1.0)
      rubyzip
    simplecov (0.6.2)
      multi_json (~> 1.3)
      simplecov-html (~> 0.5.3)
    simplecov-html (0.5.3)
    sinatra (1.3.2)
      rack (~> 1.3, >= 1.3.6)
      rack-protection (~> 1.2)
      tilt (~> 1.3, >= 1.3.3)
    slop (2.4.4)
    thor (0.14.6)
    tilt (1.3.3)
    turn (0.9.5)
      ansi
    xpath (0.1.4)
      nokogiri (~> 1.3)
    yard (0.8.1)

PLATFORMS
  ruby

DEPENDENCIES
  capybara
  growl
  guard
  guard-minitest
  guard-spinach
  minitest (= 4.1.0)
  mocha
  pry
  rake
  rb-fsevent
  rspec
  simplecov
  sinatra
  spinach!
  turn
  yard
